GEM
  remote: https://rubygems.org/
  specs:
    awesome_print (1.1.0)
    bson (1.8.3)
    bson_ext (1.8.3)
      bson (~> 1.8.3)
    faraday (0.8.6)
      multipart-post (~> 1.1)
    mongo (1.8.3)
      bson (~> 1.8.3)
    multi_json (1.6.1)
    multipart-post (1.2.0)
    rack (1.5.2)
    rack-protection (1.5.0)
      rack
    simple_oauth (0.2.0)
    sinatra (1.4.1)
      rack (~> 1.5, >= 1.5.2)
      rack-protection (~> 1.4)
      tilt (~> 1.3, >= 1.3.4)
    tilt (1.3.6)
    twitter (4.6.1)
      faraday (~> 0.8, < 0.10)
      multi_json (~> 1.0)
      simple_oauth (~> 0.2)

PLATFORMS
  ruby

DEPENDENCIES
  awesome_print (~> 1.1.0)
  bson_ext (~> 1.8.3)
  mongo (~> 1.8.3)
  sinatra (~> 1.4.1)
  twitter (~> 4.6.1)
