GEM
  remote: https://rubygems.org/
  specs:
    awesome_print (1.1.0)
    bson (1.8.3)
    faraday (0.8.6)
      multipart-post (~> 1.1)
    mongo (1.8.3)
      bson (~> 1.8.3)
    multi_json (1.6.1)
    multipart-post (1.2.0)
    simple_oauth (0.2.0)
    twitter (4.6.1)
      faraday (~> 0.8, < 0.10)
      multi_json (~> 1.0)
      simple_oauth (~> 0.2)

PLATFORMS
  ruby

DEPENDENCIES
  awesome_print (~> 1.1.0)
  mongo (~> 1.8.3)
  twitter (~> 4.6.1)
